PATH
  remote: .
  specs:
    cslrb (0.1.0)
      rutie (~> 0.0.4)
      thermite (~> 0.13)

GEM
  remote: https://rubygems.org/
  specs:
    diff-lcs (1.5.0)
    minitar (0.9)
    rake (13.0.6)
    rspec (3.12.0)
      rspec-core (~> 3.12.0)
      rspec-expectations (~> 3.12.0)
      rspec-mocks (~> 3.12.0)
    rspec-core (3.12.2)
      rspec-support (~> 3.12.0)
    rspec-expectations (3.12.3)
      diff-lcs (>= 1.2.0, < 2.0)
      rspec-support (~> 3.12.0)
    rspec-mocks (3.12.6)
      diff-lcs (>= 1.2.0, < 2.0)
      rspec-support (~> 3.12.0)
    rspec-support (3.12.1)
    rutie (0.0.4)
    thermite (0.13.0)
      minitar (~> 0.5)
      rake (>= 10)
      tomlrb (~> 1.2)
    tomlrb (1.3.0)

PLATFORMS
  ruby

DEPENDENCIES
  bundler (~> 2.0)
  cslrb!
  rake (~> 13.0)
  rspec (~> 3.6)

BUNDLED WITH
   2.2.22
